PATH
  remote: .
  specs:
    quandora (0.1.0)
      faraday

GEM
  remote: https://rubygems.org/
  specs:
    addressable (2.7.0)
      public_suffix (>= 2.0.2, < 5.0)
    byebug (3.5.1)
      columnize (~> 0.8)
      debugger-linecache (~> 1.2)
      slop (~> 3.6)
    columnize (0.9.0)
    crack (0.4.3)
      safe_yaml (~> 1.0.0)
    debugger-linecache (1.2.0)
    diff-lcs (1.3)
    faraday (0.17.1)
      multipart-post (>= 1.2, < 3)
    hashdiff (1.0.0)
    multipart-post (2.1.1)
    public_suffix (4.0.1)
    rake (10.5.0)
    rspec (3.9.0)
      rspec-core (~> 3.9.0)
      rspec-expectations (~> 3.9.0)
      rspec-mocks (~> 3.9.0)
    rspec-core (3.9.0)
      rspec-support (~> 3.9.0)
    rspec-expectations (3.9.0)
      diff-lcs (>= 1.2.0, < 2.0)
      rspec-support (~> 3.9.0)
    rspec-mocks (3.9.0)
      diff-lcs (>= 1.2.0, < 2.0)
      rspec-support (~> 3.9.0)
    rspec-support (3.9.0)
    safe_yaml (1.0.5)
    slop (3.6.0)
    webmock (3.7.6)
      addressable (>= 2.3.6)
      crack (>= 0.3.2)
      hashdiff (>= 0.4.0, < 2.0.0)

PLATFORMS
  ruby

DEPENDENCIES
  bundler (~> 2.0)
  byebug (~> 3.0)
  quandora!
  rake (~> 10.0)
  rspec (~> 3.0)
  webmock (~> 3.0)

BUNDLED WITH
   2.0.2
